GEM
  remote: http://rubygems.org/
  specs:
    activemodel (3.2.3)
      activesupport (= 3.2.3)
      builder (~> 3.0.0)
    activesupport (3.2.3)
      i18n (~> 0.6)
      multi_json (~> 1.0)
    addressable (2.4.0)
    builder (3.0.0)
    descendants_tracker (0.0.4)
      thread_safe (~> 0.3, >= 0.3.1)
    faraday (0.9.2)
      multipart-post (>= 1.2, < 3)
    git (1.7.0)
      rchardet (~> 1.8)
    github_api (0.16.0)
      addressable (~> 2.4.0)
      descendants_tracker (~> 0.0.4)
      faraday (~> 0.8, < 0.10)
      hashie (>= 3.4)
      mime-types (>= 1.16, < 3.0)
      oauth2 (~> 1.0)
    hashie (4.1.0)
    highline (2.0.3)
    i18n (0.6.0)
    jeweler (2.3.9)
      builder
      bundler
      git (>= 1.2.5)
      github_api (~> 0.16.0)
      highline (>= 1.6.15)
      nokogiri (>= 1.5.10)
      psych
      rake
      rdoc
      semver2
    json (1.8.6)
    jwt (2.2.2)
    mime-types (2.99.3)
    mini_portile2 (2.4.0)
    minitest (5.14.2)
    multi_json (1.3.5)
    multi_xml (0.6.0)
    multipart-post (2.1.1)
    nokogiri (1.10.10)
      mini_portile2 (~> 2.4.0)
    oauth2 (1.4.4)
      faraday (>= 0.8, < 2.0)
      jwt (>= 1.0, < 3.0)
      multi_json (~> 1.3)
      multi_xml (~> 0.5)
      rack (>= 1.2, < 3)
    power_assert (1.2.0)
    psych (3.2.1)
    rack (1.4.1)
    rake (13.0.1)
    rchardet (1.8.0)
    rdoc (3.12.2)
      json (~> 1.4)
    semver2 (3.4.2)
    shoulda (3.0.1)
      shoulda-context (~> 1.0.0)
      shoulda-matchers (~> 1.0.0)
    shoulda-context (1.0.0)
    shoulda-matchers (1.0.0)
    test-unit (3.3.7)
      power_assert
    thread_safe (0.3.6)

PLATFORMS
  ruby
  x86_64-darwin-19

DEPENDENCIES
  activemodel (~> 3.2)
  bundler
  jeweler
  minitest
  rack
  rake
  rdoc (~> 3.12)
  shoulda
  test-unit

BUNDLED WITH
   2.2.1
